PATH
  remote: .
  specs:
    airbrake-jets (0.5.0)
      airbrake-ruby

GEM
  remote: https://rubygems.org/
  specs:
    airbrake-ruby (6.1.1)
      rbtree3 (~> 0.5)
    diff-lcs (1.3)
    rake (10.5.0)
    rbtree3 (0.7.0)
    rspec (3.8.0)
      rspec-core (~> 3.8.0)
      rspec-expectations (~> 3.8.0)
      rspec-mocks (~> 3.8.0)
    rspec-core (3.8.0)
      rspec-support (~> 3.8.0)
    rspec-expectations (3.8.2)
      diff-lcs (>= 1.2.0, < 2.0)
      rspec-support (~> 3.8.0)
    rspec-mocks (3.8.0)
      diff-lcs (>= 1.2.0, < 2.0)
      rspec-support (~> 3.8.0)
    rspec-support (3.8.0)

PLATFORMS
  ruby

DEPENDENCIES
  airbrake-jets!
  bundler (~> 2.0)
  rake (~> 10.0)
  rspec (~> 3.0)

BUNDLED WITH
   2.1.2
